GEM
  remote: https://rubygems.org/
  specs:
    faraday (1.10.4)
      faraday-em_http (~> 1.0)
      faraday-em_synchrony (~> 1.0)
      faraday-excon (~> 1.1)
      faraday-httpclient (~> 1.0)
      faraday-multipart (~> 1.0)
      faraday-net_http (~> 1.0)
      faraday-net_http_persistent (~> 1.0)
      faraday-patron (~> 1.0)
      faraday-rack (~> 1.0)
      faraday-retry (~> 1.0)
      ruby2_keywords (>= 0.0.4)
    faraday-em_http (1.0.0)
    faraday-em_synchrony (1.0.0)
    faraday-excon (1.1.0)
    faraday-httpclient (1.0.1)
    faraday-multipart (1.0.4)
      multipart-post (~> 2)
    faraday-net_http (1.0.2)
    faraday-net_http_persistent (1.2.0)
    faraday-patron (1.0.0)
    faraday-rack (1.0.0)
    faraday-retry (1.0.3)
    faraday_middleware (1.2.1)
      faraday (~> 1.0)
    heap (1.0.2)
      faraday (>= 0.8.11)
      faraday_middleware (>= 0.8.0)
    multipart-post (2.4.1)
    pqueue (2.1.0)
    rb_heap (1.1.0)
    ruby2_keywords (0.0.5)

PLATFORMS
  x86_64-darwin-21
  x86_64-darwin-22

DEPENDENCIES
  faraday_middleware
  heap
  pqueue
  rb_heap

BUNDLED WITH
   2.3.26
